##TITLE= Parameter file, TopSpin 3.6.1
##JCAMPDX= 5.0
##DATATYPE= Parameter Values
##NPOINTS= 25430	$$ modification sequence number
##ORIGIN= Bruker BioSpin GmbH
##OWNER= nmrsu
$$ 2019-03-25 11:20:36.237 +0000  CHEM\nmr-user@JELLYFISH-CRL
$$ C:/Bruker/TopSpin3.6.1/conf/instr/av600/specpar
$$ process C:\Bruker\TopSpin3.6.1\prog\mod\hconfserver.exe
##$ANCIEN= (0..7)
0 0 0 0 0 0 0 0
##$BF1= 100.13
##$BF2= 100.13
##$BF3= 100.13
##$DEC= 1
##$DECB= 1
##$DEF19F= yes
##$DEFRSEL= yes
##$HPMOD= (0..7)
0 0 0 0 0 0 0 0
##$HPPRECH= (0..15)
-1 -1 -1 -1 -1 -1 -1 -1 -1 -1 -1 -1 -1 -1 -1 -1
##$HPSELECT= no
##$LOCSW19F= -1
##$LOCSW2H= -1
##$NUC1= 55
##$NUC2= 0
##$NUC3= 0
##$NUC4= 0
##$NUC5= 0
##$NUC6= 0
##$NUC7= 0
##$NUC8= 0
##$NUCARR= (0..123)
600.18 600.18 92.131284256 640.175839153 457.213744987 88.323004955 233.252736835
84.336171263 64.481286584 192.561595153 150.915381036 43.356312993 60.815711242
81.363143623 564.73343522 47.379985733 158.75901342 36.740828943 156.388056346
119.238882937 242.957317336 46.0698168 58.805090236 48.949030305 28.006637471
15.372440349 40.392288052 145.794207145 33.835351561 33.844372267 59.839800556
157.865033306 33.925150493 148.779928592 19.432496 142.405152733 53.632390892
159.140565851 170.473284647 37.552080245 144.051326437 183.035118067 20.936168967
102.766504705 114.463406723 31.3157239 150.368977164 162.087719732 23.09252568
57.947036897 196.381620817 26.01073288 29.410008356 55.794521336 146.901077106
39.113286467 39.934146651 135.090470987 27.639195272 30.977504464 19.124417605
27.46483698 24.294200074 27.929574359 127.331067864 133.198997715 131.233888359
131.515216732 196.371387748 213.857692066 223.810915138 143.626537039 77.778628591
157.065557536 189.355403584 120.080929475 166.911174335 49.478365058 78.720461056
59.624624023 66.69757127 79.18954974 84.779272154 183.775116 32.70981 20.166048
25.027506 20.646192 149.204748 65.899764 18.425526 24.187254 144.283272
20.646192 28.928676 128.078412 17.285184 49.754922 105.027334751 28.9346778
68.4445272 48.8006358 24.0492126 15.1065306 71.95918128 25.005821497 135.18814428
136.55055288 13.698094196 46.60637772 10.3110924 11.2293678 129.019398211
10.3771122 107.49717148 39.681398849 342.84202176 346.206858908 125.561251078
96.444652718 11.05171452 100 100 100
##$NUCOFFS= (0..127)
<19F> <15N> <1H> <13C> <31P> <17O> <2H> <195Pt> <51V> <14N> <25Mg> <43Ca>
<47Ti> <53Cr> <115In> <127I> <67Zn> <95Mo> <> <> <> <> <> <> <> <> <> <>
<> <> <> <> <> <> <> <> <> <> <> <> <> <> <> <> <> <> <> <> <> <> <> <>
<> <> <> <> <> <> <> <> <> <> <> <> <> <> <> <> <> <> <> <> <> <> <> <>
<> <> <> <> <> <> <> <> <> <> <> <> <> <> <> <> <> <> <> <> <> <> <> <>
<> <> <> <> <> <> <> <> <> <> <> <> <> <> <> <> <> <> <> <> <> <> <> <>
<> <> <> <>
##$OBS= 1
##$OFFS= (0..127)
0 9122.03 0 15242.45 2429.57 0 0 0 0 0 0 0 0 0 0 0 0 0 0 0 0 0 0 0 0 0
0 0 0 0 0 0 0 0 0 0 0 0 0 0 0 0 0 0 0 0 0 0 0 0 0 0 0 0 0 0 0 0 0 0 0 0
0 0 0 0 0 0 0 0 0 0 0 0 0 0 0 0 0 0 0 0 0 0 0 0 0 0 0 0 0 0 0 0 0 0 0 0
0 0 0 0 0 0 0 0 0 0 0 0 0 0 0 0 0 0 0 0 0 0 0 0 0 0 0 0 0 0
##$OFFSF= (0..7)
-35578.2000000318 0 0 0 0 0 0 0
##$OFFSH= (0..7)
2823.80000010107 2821.40000001618 0 0 0 0 0 0
##$OFFSX= (0..7)
6841.79999999657 0 0 0 0 0 0 0
##$OFFSXAS= (0..7)
0 0 0 0 0 0 0 0
##$OFSF1= 0
##$OFSF2= 0
##$OFSH1= 0
##$OFSH2= 0
##$OFSH3= 0
##$OFSX1= 0
##$OFSX2= 0
##$OFSY= 0
##$PACOIL= (0..15)
0 0 0 0 0 0 0 0 0 0 0 0 0 0 0 0
##$PRECHAN= (0..15)
-1 2 -1 0 1 -1 -1 -1 -1 -1 -1 -1 -1 -1 -1 -1
##$RECPRE= (0..15)
-1 0 -1 -1 -1 -1 -1 -1 -1 -1 -1 -1 -1 -1 -1 -1
##$RECPRFX= (0..15)
1 0 0 0 0 0 0 0 0 0 0 0 0 0 0 0
##$RECSEL= (0..15)
0 0 1 0 0 0 0 0 0 0 0 0 0 0 0 0
##$SELREC= (0..9)
0 0 0 0 0 0 0 0 0 0
##$SFO1= 39.113286
##$SFO2= 600.18
##$SFO3= 600.192163
##$SFO4= 600.192163
##$SFO5= 600.192163
##$SFO6= 600.192163
##$SFO7= 600.192163
##$SFO8= 600.192163
##$TY= (0..123)
0 0 0 0 0 0 0 0 0 0 0 0 0 0 0 0 0 0 0 0 0 0 0 0 0 0 0 0 0 0 0 0 0 0 0 0
0 0 0 0 0 0 0 0 0 0 0 0 0 0 0 0 0 0 0 0 0 0 0 0 0 0 0 0 0 0 0 0 0 0 0 0
0 0 0 0 0 0 0 0 0 0 0 0 0 0 0 0 0 0 0 0 0 0 0 0 0 0 0 0 0 0 0 0 0 0 0 0
0 0 0 0 0 0 0 0 0 0 0 0 0 0 0 0
##END=
