##TITLE= Parameter file, TopSpin 4.1.0
##JCAMPDX= 5.0
##DATATYPE= Parameter Values
##NPOINTS= 2	$$ modification sequence number
##ORIGIN= Bruker BioSpin GmbH
##OWNER= yongrenjie
$$ 2020-11-20 17:15:18.442 +0000  yongrenjie@Empoleon.local
$$ /Volumes/JonY/dphil/expn/nmr/201119-7g-noah-xspstspx/15003/acqu2
$$ process /opt/topspin4.1.0/prog/au/bin/76072D61F263CD11E50D6AAB801DDF51/splitx_au
##$ACQT0= 0
##$BF1= 176.012625
##$FnILOOP= 0
##$FnMODE= 6
##$NUC1= <13C>
##$NusJSP= 0
##$NusT2= 1
##$NusTD= 0
##$O1= 15841.13625
##$ProjAngle= 0
##$SFO1= 176.02846613625
##$SW= 180
##$SW_h= 31685.123904525
##$TD= 256
##END=
